GEM
  remote: http://rubygems.org/
  specs:
    POpen4 (0.1.4)
      Platform (>= 0.4.0)
      open4
    Platform (0.4.0)
    SystemTimer (1.2.3)
    actionmailer (3.1.1)
      actionpack (= 3.1.1)
      mail (~> 2.3.0)
    actionpack (3.1.1)
      activemodel (= 3.1.1)
      activesupport (= 3.1.1)
      builder (~> 3.0.0)
      erubis (~> 2.7.0)
      i18n (~> 0.6)
      rack (~> 1.3.2)
      rack-cache (~> 1.1)
      rack-mount (~> 0.8.2)
      rack-test (~> 0.6.1)
      sprockets (~> 2.0.2)
    activemodel (3.1.1)
      activesupport (= 3.1.1)
      builder (~> 3.0.0)
      i18n (~> 0.6)
    activerecord (3.1.1)
      activemodel (= 3.1.1)
      activesupport (= 3.1.1)
      arel (~> 2.2.1)
      tzinfo (~> 0.3.29)
    activeresource (3.1.1)
      activemodel (= 3.1.1)
      activesupport (= 3.1.1)
    activesupport (3.1.1)
      multi_json (~> 1.0)
    amatch (0.2.8)
      tins (~> 0.3)
    amazon-ecs (2.2.1)
      nokogiri (>= 1.4.0)
      ruby-hmac (>= 0.3.2)
    arel (2.2.1)
    awesome_print (0.4.0)
    bson (1.4.1)
    bson_ext (1.4.1)
    builder (3.0.0)
    configatron (2.8.3)
      yamler (>= 0.1.0)
    dalli (1.1.3)
    erubis (2.7.0)
    gemedit (1.0.1)
    hike (1.2.1)
    hirb (0.5.0)
    i18n (0.6.0)
    jammit (0.6.3)
      yui-compressor (>= 0.9.3)
    jquery-rails (1.0.16)
      railties (~> 3.0)
      thor (~> 0.14)
    json (1.6.1)
    mail (2.3.0)
      i18n (>= 0.4.0)
      mime-types (~> 1.16)
      treetop (~> 1.4.8)
    mechanize (2.0.1)
      net-http-digest_auth (~> 1.1, >= 1.1.1)
      net-http-persistent (~> 1.8)
      nokogiri (~> 1.4)
      webrobots (~> 0.0, >= 0.0.9)
    mime-types (1.17.2)
    mongo (1.4.1)
      bson (= 1.4.1)
    mongo_mapper (0.10.0)
      activemodel (~> 3.0)
      activesupport (~> 3.0)
      plucky (~> 0.3.8)
    mongoid (2.3.3)
      activemodel (~> 3.1)
      mongo (~> 1.3)
      tzinfo (~> 0.3.22)
    multi_json (1.0.3)
    net-http-digest_auth (1.1.1)
    net-http-persistent (1.9)
    nokogiri (1.5.0)
    open4 (1.2.0)
    plucky (0.3.8)
      mongo (~> 1.3)
    polyglot (0.3.3)
    rack (1.3.5)
    rack-cache (1.1)
      rack (>= 0.4)
    rack-mount (0.8.3)
      rack (>= 1.0.0)
    rack-ssl (1.3.2)
      rack
    rack-test (0.6.1)
      rack (>= 1.0)
    rack-timeout (0.0.3)
    rails (3.1.1)
      actionmailer (= 3.1.1)
      actionpack (= 3.1.1)
      activerecord (= 3.1.1)
      activeresource (= 3.1.1)
      activesupport (= 3.1.1)
      bundler (~> 1.0)
      railties (= 3.1.1)
    railties (3.1.1)
      actionpack (= 3.1.1)
      activesupport (= 3.1.1)
      rack-ssl (~> 1.3.2)
      rake (>= 0.8.7)
      rdoc (~> 3.4)
      thor (~> 0.14.6)
    rake (0.8.7)
    rdoc (3.11)
      json (~> 1.4)
    ruby-hmac (0.4.0)
    sprockets (2.0.3)
      hike (~> 1.2)
      rack (~> 1.0)
      tilt (~> 1.1, != 1.3.0)
    stemmer (1.0.1)
    thor (0.14.6)
    tilt (1.3.3)
    tins (0.3.1)
    treetop (1.4.10)
      polyglot
      polyglot (>= 0.3.1)
    tweet-button (0.1.0)
    typhoeus (0.3.2)
      mime-types
    tzinfo (0.3.30)
    vss (0.1.9)
      stemmer (~> 1.0.0)
    webrobots (0.0.12)
      nokogiri (>= 1.4.4)
    wirble (0.1.3)
    yamler (0.1.0)
    yui-compressor (0.9.6)
      POpen4 (>= 0.1.4)

PLATFORMS
  ruby

DEPENDENCIES
  SystemTimer
  amatch
  amazon-ecs
  awesome_print
  bson_ext
  configatron
  dalli
  gemedit
  hirb
  jammit
  jquery-rails
  mechanize
  mongo_mapper
  mongoid
  nokogiri
  rack-timeout
  rails
  rake (~> 0.8.7)
  tweet-button
  typhoeus
  vss
  wirble
